GEM
  remote: https://rubygems.org/
  specs:
    multi_json (1.15.0)
    mustermann (2.0.2)
      ruby2_keywords (~> 0.0.1)
    nio4r (2.7.0)
    puma (5.6.8)
      nio4r (~> 2.0)
    rack (2.2.8.1)
    rack-protection (2.2.3)
      rack
    ruby2_keywords (0.0.5)
    sinatra (2.2.3)
      mustermann (~> 2.0)
      rack (~> 2.2)
      rack-protection (= 2.2.3)
      tilt (~> 2.0)
    sinatra-contrib (2.2.3)
      multi_json
      mustermann (~> 2.0)
      rack-protection (= 2.2.3)
      sinatra (= 2.2.3)
      tilt (~> 2.0)
    sqlite3 (1.4.2)
    tilt (2.0.11)

PLATFORMS
  ruby

DEPENDENCIES
  puma (~> 5.6)
  sinatra (~> 2.2)
  sinatra-contrib (~> 2.2)
  sqlite3

RUBY VERSION
   ruby 2.6.6p146

BUNDLED WITH
   2.1.4
